PATH
  remote: .
  specs:
    studio_ghibli_films (0.1.0)
      colorize (~> 0.8.1)

GEM
  remote: https://rubygems.org/
  specs:
    coderay (1.1.2)
    colorize (0.8.1)
    method_source (0.9.2)
    pry (0.12.2)
      coderay (~> 1.1.0)
      method_source (~> 0.9.0)
    rake (13.0.1)

PLATFORMS
  ruby

DEPENDENCIES
  bundler (~> 2.0)
  pry
  rake (~> 13.0)
  studio_ghibli_films!

BUNDLED WITH
   2.0.2
